GEM
  remote: https://rubygems.org/
  specs:
    kramdown (1.1.0)
    newrelic_rpm (3.6.5.130)
    puma (2.2.2)
      rack (>= 1.1, < 2.0)
    rack (1.5.2)
    rack-protection (1.5.0)
      rack
    sinatra (1.4.3)
      rack (~> 1.4)
      rack-protection (~> 1.4)
      tilt (~> 1.3, >= 1.3.4)
    tilt (1.4.1)

PLATFORMS
  ruby

DEPENDENCIES
  kramdown
  newrelic_rpm
  puma
  sinatra
