GEM
  remote: https://rubygems.org/
  specs:
    kramdown (1.17.0)
    mustermann (1.0.3)
    newrelic_rpm (5.4.0.347)
    puma (3.12.0)
    rack (2.0.6)
    rack-protection (2.0.4)
      rack
    sinatra (2.0.4)
      mustermann (~> 1.0)
      rack (~> 2.0)
      rack-protection (= 2.0.4)
      tilt (~> 2.0)
    tilt (2.0.8)

PLATFORMS
  ruby

DEPENDENCIES
  kramdown
  newrelic_rpm
  puma
  sinatra

RUBY VERSION
   ruby 2.5.3p105

BUNDLED WITH
   1.17.1
